PATH
  remote: .
  specs:
    wsoc (0.1.3)
      json (~> 1.4)
      sinatra (~> 1.0)

GEM
  remote: https://rubygems.org/
  specs:
    json (1.6.3)
    kramdown (0.13.3)
    ore-core (0.1.5)
    ore-tasks (0.5.0)
      ore-core (>= 0.1.3, ~> 0.1)
    rack (1.3.5)
    rack-protection (1.1.4)
      rack
    rake (0.9.2.2)
    sinatra (1.3.1)
      rack (~> 1.3, >= 1.3.4)
      rack-protection (~> 1.1, >= 1.1.2)
      tilt (~> 1.3, >= 1.3.3)
    tilt (1.3.3)
    yard (0.7.4)

PLATFORMS
  ruby

DEPENDENCIES
  bundler (~> 1.0)
  kramdown (~> 0.13)
  ore-tasks (~> 0.4)
  rake (~> 0.8)
  wsoc!
  yard (~> 0.7)
