PATH
  remote: .
  specs:
    wsoc (0.1.3)
      json_pure (~> 1.4.0)
      sinatra (~> 1.0.0)

GEM
  remote: https://rubygems.org/
  specs:
    json_pure (1.4.6)
    ore-core (0.1.0)
    ore-tasks (0.3.0)
      ore-core (~> 0.1.0)
    rack (1.2.1)
    rake (0.8.7)
    rdiscount (1.6.5)
    sinatra (1.0)
      rack (>= 1.0)
    yard (0.6.1)

PLATFORMS
  ruby

DEPENDENCIES
  bundler (~> 1.0.0)
  json_pure (~> 1.4.0)
  ore-core (~> 0.1.0)
  ore-tasks (~> 0.3.0)
  rake (~> 0.8.7)
  rdiscount (~> 1.6.3)
  sinatra (~> 1.0.0)
  wsoc!
  yard (~> 0.6.0)
